GIT
  remote: git://github.com/bryanp/pakyow_blog_engine.git
  revision: 37aa8fd783b291d629cbf4e71c873518bd767466
  specs:
    pakyow_blog_engine (0.1)

GEM
  remote: http://rubygems.org/
  specs:
    blankslate (2.1.2.4)
    builder (2.1.2)
    daemons (1.1.4)
    eventmachine (0.12.10)
    ffi (1.0.11)
    ffi (1.0.11-java)
    gem_plugin (0.2.3)
    i18n (0.6.0)
    mail (2.3.0)
      i18n (>= 0.4.0)
      mime-types (~> 1.16)
      treetop (~> 1.4.8)
    mime-types (1.17.2)
    mongrel (1.1.5-java)
      gem_plugin (>= 0.2.3)
    nokogiri (1.5.0)
    nokogiri (1.5.0-java)
    pakyow (0.7.0)
      pakyow-core (= 0.7.0)
      pakyow-mailer (= 0.7.0)
      pakyow-presenter (= 0.7.0)
    pakyow-core (0.7.0)
      rack (~> 1.3)
    pakyow-mailer (0.7.0)
      mail (~> 2.3)
      pakyow-core (= 0.7.0)
      pakyow-presenter (= 0.7.0)
    pakyow-presenter (0.7.0)
      nokogiri (~> 1.5)
      pakyow-core (= 0.7.0)
    polyglot (0.3.3)
    pygments.rb (0.2.3)
      rubypython (>= 0.5.1)
    rack (1.3.5)
    rdiscount (1.6.8)
    rubypython (0.5.3)
      blankslate (>= 2.1.2.3)
      ffi (~> 1.0.7)
    thin (1.3.1)
      daemons (>= 1.0.9)
      eventmachine (>= 0.12.6)
      rack (>= 1.0.0)
    treetop (1.4.10)
      polyglot
      polyglot (>= 0.3.1)

PLATFORMS
  java
  ruby

DEPENDENCIES
  builder (~> 2.0)
  mongrel
  pakyow
  pakyow_blog_engine!
  pygments.rb
  rdiscount
  thin (~> 1.2)
